GIT
  remote: https://github.com/sinisterchipmunk/rspec-prof.git
  revision: fae624203a844b62db2fcbf34e5c06656a0bb241
  ref: fae624203a844b62db2fcbf34e5c06656a0bb241
  specs:
    rspec-prof (0.0.5)
      rspec
      ruby-prof

GEM
  remote: https://rubygems.org/
  specs:
    diff-lcs (1.2.5)
    rspec (3.0.0)
      rspec-core (~> 3.0.0)
      rspec-expectations (~> 3.0.0)
      rspec-mocks (~> 3.0.0)
    rspec-core (3.0.2)
      rspec-support (~> 3.0.0)
    rspec-expectations (3.0.2)
      diff-lcs (>= 1.2.0, < 2.0)
      rspec-support (~> 3.0.0)
    rspec-mocks (3.0.2)
      rspec-support (~> 3.0.0)
    rspec-support (3.0.2)
    ruby-prof (0.15.1)

PLATFORMS
  ruby

DEPENDENCIES
  rspec
  rspec-prof!
